GIT
  remote: git@github.com:bloomfire/sysops.git
  revision: 180e080332e801aa4dd8f45123f9b580561503f5
  specs:
    sysops (1.0.2)
      aws-sdk (~> 2.7)
      aws-sdk-elb-tagging (= 1.58)
      aws-sdk-v1 (= 1.58)
      context_builder (~> 1.0)
      git (~> 1.2.6)
      httparty (~> 0.7)
      net-ssh (~> 2.2)

PATH
  remote: .
  specs:
    gltail (0.1.9)
      chipmunk
      file-tail
      net-ssh (>= 1.1.4)
      net-ssh-gateway
      opengl (~> 0.8.0)

GEM
  remote: https://rubygems.org/
  specs:
    aws-sdk (2.8.11)
      aws-sdk-resources (= 2.8.11)
    aws-sdk-core (2.8.11)
      aws-sigv4 (~> 1.0)
      jmespath (~> 1.0)
    aws-sdk-elb-tagging (1.58.0)
      aws-sdk-v1 (~> 1.58)
    aws-sdk-resources (2.8.11)
      aws-sdk-core (= 2.8.11)
    aws-sdk-v1 (1.58.0)
      json (~> 1.4)
      nokogiri (>= 1.4.4)
    aws-sigv4 (1.0.0)
    chipmunk (6.1.3.4)
    context_builder (1.0.0)
    file-tail (1.1.1)
      tins (~> 1.0)
    git (1.2.9.1)
    httparty (0.14.0)
      multi_xml (>= 0.5.2)
    jmespath (1.3.1)
    json (1.8.6)
    mini_portile2 (2.1.0)
    multi_xml (0.6.0)
    net-ssh (2.9.4)
    net-ssh-gateway (1.3.0)
      net-ssh (>= 2.6.5)
    nokogiri (1.7.1)
      mini_portile2 (~> 2.1.0)
    opengl (0.8.0)
    tins (1.13.2)

PLATFORMS
  ruby

DEPENDENCIES
  gltail!
  sysops!

BUNDLED WITH
   1.14.6
