PATH
  remote: .
  specs:
    gltail (0.1.9)
      chipmunk
      file-tail
      glut
      net-ssh
      net-ssh-gateway
      opengl

GEM
  remote: https://rubygems.org/
  specs:
    chipmunk (6.1.3.4)
    file-tail (1.2.0)
      tins (~> 1.0)
    glut (8.3.0)
    net-ssh (5.2.0)
    net-ssh-gateway (2.0.0)
      net-ssh (>= 4.0.0)
    opengl (0.10.0)
    sync (0.5.0)
    tins (1.23.0)
      sync

PLATFORMS
  ruby

DEPENDENCIES
  gltail!

BUNDLED WITH
   1.17.3
