GIT
  remote: git@github.com:bloomfire/sysops.git
  revision: 162c0fff020b0a4e2f3d8f818f67665f1a7b15d2
  specs:
    sysops (1.0.2)
      aws-sdk (~> 2.0)
      aws-sdk-elb-tagging (= 1.58)
      aws-sdk-v1 (= 1.58)
      context_builder (~> 1.0)
      git (~> 1.2.6)
      httparty (~> 0.7)
      net-ssh (~> 2.2)

PATH
  remote: .
  specs:
    gltail (0.1.9)
      chipmunk
      file-tail
      net-ssh (>= 1.1.4)
      net-ssh-gateway
      opengl (~> 0.8.0)

GEM
  remote: https://rubygems.org/
  specs:
    aws-sdk (2.1.1)
      aws-sdk-resources (= 2.1.1)
    aws-sdk-core (2.1.1)
      jmespath (~> 1.0)
    aws-sdk-elb-tagging (1.58.0)
      aws-sdk-v1 (~> 1.58)
    aws-sdk-resources (2.1.1)
      aws-sdk-core (= 2.1.1)
    aws-sdk-v1 (1.58.0)
      json (~> 1.4)
      nokogiri (>= 1.4.4)
    chipmunk (5.3.4.5)
    context_builder (1.0.0)
    file-tail (1.0.12)
      tins (~> 0.5)
    git (1.2.9.1)
    httparty (0.13.5)
      json (~> 1.8)
      multi_xml (>= 0.5.2)
    jmespath (1.0.2)
      multi_json (~> 1.0)
    json (1.8.3)
    mini_portile (0.6.2)
    multi_json (1.11.1)
    multi_xml (0.5.5)
    net-ssh (2.9.2)
    net-ssh-gateway (1.2.0)
      net-ssh (>= 2.6.5)
    nokogiri (1.6.6.2)
      mini_portile (~> 0.6.0)
    opengl (0.8.0)
    tins (0.7.0)

PLATFORMS
  ruby

DEPENDENCIES
  gltail!
  sysops!
