PATH
  remote: .
  specs:
    gltail (0.1.9)
      chipmunk
      file-tail
      glut (~> 8.2.2)
      net-ssh (~> 2.2)
      net-ssh-gateway
      opengl (~> 0.9.2)

GEM
  remote: https://rubygems.org/
  specs:
    chipmunk (6.1.3.4)
    file-tail (1.2.0)
      tins (~> 1.0)
    glut (8.2.2)
    net-ssh (2.9.4)
    net-ssh-gateway (1.3.0)
      net-ssh (>= 2.6.5)
    opengl (0.9.2)
    tins (1.20.2)

PLATFORMS
  ruby

DEPENDENCIES
  gltail!

BUNDLED WITH
   1.17.2
