GIT
  remote: git@github.com:bloomfire/sysops.git
  revision: 5b411371c11cb9bb5d81cb9432b67ab9f76520d2
  specs:
    sysops (1.0.2)
      aws-sdk (= 1.32)
      git (~> 1.2.6)
      httparty (~> 0.7)
      net-ssh (~> 2.2)

PATH
  remote: .
  specs:
    gltail (0.1.9)
      chipmunk
      file-tail
      net-ssh (>= 1.1.4)
      net-ssh-gateway
      opengl (~> 0.8.0)

GEM
  remote: https://rubygems.org/
  specs:
    aws-sdk (1.32.0)
      json (~> 1.4)
      nokogiri (>= 1.4.4)
      uuidtools (~> 2.1)
    chipmunk (5.3.4.5)
    file-tail (1.0.12)
      tins (~> 0.5)
    git (1.2.6)
    httparty (0.13.1)
      json (~> 1.8)
      multi_xml (>= 0.5.2)
    json (1.8.1)
    mini_portile (0.5.3)
    multi_xml (0.5.5)
    net-ssh (2.6.5)
    net-ssh-gateway (1.2.0)
      net-ssh (>= 2.6.5)
    nokogiri (1.6.1)
      mini_portile (~> 0.5.0)
    opengl (0.8.0)
    tins (0.7.0)
    uuidtools (2.1.4)

PLATFORMS
  ruby

DEPENDENCIES
  gltail!
  sysops!
